PATH
  remote: .
  specs:
    vast-sd-cli (0.1)
      dry-cli (~> 1.0.0)
      tty-command (~> 0.10.1)
      tty-logger (~> 0.6.0)
      tty-prompt (~> 0.23.1)
      tty-spinner (~> 0.9.3)

GEM
  remote: https://rubygems.org/
  specs:
    dry-cli (1.0.0)
    pastel (0.8.0)
      tty-color (~> 0.5)
    tty-color (0.6.0)
    tty-command (0.10.1)
      pastel (~> 0.8)
    tty-cursor (0.7.1)
    tty-logger (0.6.0)
      pastel (~> 0.8)
    tty-prompt (0.23.1)
      pastel (~> 0.8)
      tty-reader (~> 0.8)
    tty-reader (0.9.0)
      tty-cursor (~> 0.7)
      tty-screen (~> 0.8)
      wisper (~> 2.0)
    tty-screen (0.8.1)
    tty-spinner (0.9.3)
      tty-cursor (~> 0.7)
    wisper (2.0.1)

PLATFORMS
  arm64-darwin-22

DEPENDENCIES
  vast-sd-cli!

BUNDLED WITH
   2.3.14
